PATH
  remote: .
  specs:
    rubychina_api (0.1.0)
      faraday
      json

GEM
  remote: https://rubygems.org/
  specs:
    faraday (0.9.2)
      multipart-post (>= 1.2, < 3)
    json (1.8.3)
    multipart-post (2.0.0)

PLATFORMS
  ruby

DEPENDENCIES
  rubychina_api!

BUNDLED WITH
   1.11.2
